PATH
  remote: .
  specs:
    xively (0.0.8)
      xively-rb (>= 0.2)

GEM
  remote: https://rubygems.org/
  specs:
    diff-lcs (1.1.3)
    httparty (0.11.0)
      multi_json (~> 1.0)
      multi_xml (>= 0.5.2)
    multi_json (1.5.0)
    multi_xml (0.5.3)
    nokogiri (1.5.9)
    ox (2.0.1)
    rake (10.0.3)
    redcarpet (2.2.2)
    rspec (2.12.0)
      rspec-core (~> 2.12.0)
      rspec-expectations (~> 2.12.0)
      rspec-mocks (~> 2.12.0)
    rspec-core (2.12.2)
    rspec-expectations (2.12.1)
      diff-lcs (~> 1.1.3)
    rspec-mocks (2.12.1)
    simplecov (0.7.1)
      multi_json (~> 1.0)
      simplecov-html (~> 0.7.1)
    simplecov-html (0.7.1)
    xively-rb (0.2.09)
      httparty (>= 0.10.0)
      multi_json (>= 1.3.6)
      multi_xml (>= 0.5.2)
      nokogiri (>= 1.5.6)
      ox (>= 1.5.9)
      yajl-ruby (>= 1.1.0)
    yajl-ruby (1.1.0)
    yard (0.8.3)

PLATFORMS
  ruby

DEPENDENCIES
  rake
  redcarpet
  rspec
  simplecov
  xively!
  yard
