PATH
  remote: .
  specs:
    cosm (0.0.5)
      cosm-rb (>= 0.0.3)

GEM
  remote: http://rubygems.org/
  specs:
    cosm-rb (0.2.02)
      fastercsv (>= 1.5.x)
      httparty (>= 0.8.3)
      multi_json (>= 1.3.6)
      multi_xml (>= 0.5.1)
      nokogiri (>= 1.4.4)
      ox (>= 1.5.9)
      yajl-ruby (>= 1.1.0)
    diff-lcs (1.1.3)
    fastercsv (1.5.5)
    httparty (0.9.0)
      multi_json (~> 1.0)
      multi_xml
    multi_json (1.3.6)
    multi_xml (0.5.1)
    nokogiri (1.5.5)
    ox (1.5.9)
    rake (0.9.2.2)
    redcarpet (2.1.1)
    rspec (2.10.0)
      rspec-core (~> 2.10.0)
      rspec-expectations (~> 2.10.0)
      rspec-mocks (~> 2.10.0)
    rspec-core (2.10.1)
    rspec-expectations (2.10.0)
      diff-lcs (~> 1.1.3)
    rspec-mocks (2.10.1)
    simplecov (0.6.4)
      multi_json (~> 1.0)
      simplecov-html (~> 0.5.3)
    simplecov-html (0.5.3)
    yajl-ruby (1.1.0)
    yard (0.8.2)

PLATFORMS
  ruby

DEPENDENCIES
  cosm!
  rake
  redcarpet (>= 2.1)
  rspec (>= 2.0)
  simplecov (>= 0.6)
  yard (>= 0.8)
